GEM
  remote: https://rubygems.org/
  specs:
    builder (3.0.4)
    coveralls (0.7.0)
      multi_json (~> 1.3)
      rest-client
      simplecov (>= 0.7)
      term-ansicolor
      thor
    diff-lcs (1.2.4)
    mime-types (1.25)
    multi_json (1.8.1)
    nokogiri (1.5.10)
    rack (1.5.2)
    rack-protection (1.5.0)
      rack
    rake (10.1.0)
    rest-client (1.6.7)
      mime-types (>= 1.16)
    rspec (2.14.1)
      rspec-core (~> 2.14.0)
      rspec-expectations (~> 2.14.0)
      rspec-mocks (~> 2.14.0)
    rspec-core (2.14.5)
    rspec-expectations (2.14.3)
      diff-lcs (>= 1.1.3, < 2.0)
    rspec-mocks (2.14.3)
    simplecov (0.7.1)
      multi_json (~> 1.0)
      simplecov-html (~> 0.7.1)
    simplecov-html (0.7.1)
    sinatra (1.4.3)
      rack (~> 1.4)
      rack-protection (~> 1.4)
      tilt (~> 1.3, >= 1.3.4)
    term-ansicolor (1.2.2)
      tins (~> 0.8)
    thor (0.18.1)
    tilt (1.4.1)
    tins (0.11.0)

PLATFORMS
  ruby

DEPENDENCIES
  builder
  coveralls
  nokogiri
  rake
  rspec
  sinatra
